{
  "TaskName": "nback",
  "Manufacturer": "artinis",
  "ManufacturersModelName": "octamon and octamon+",
  "TaskDescription": "auditory 2-back task with non overlap numbers between 0 to 9",
  "Instructions": "click on the push button (2 back)",
  "SamplingFrequency": 10,
  "NIRSChannelCount": 16,
  "NIRSSourceOptodeCount": 16,
  "NIRSDetectorOptodeCount": 4,
  "CapManufacturer": "g.tec",
  "CapManufacturersModelName": "g.GAMMACAP fNIRS",
  "NIRSPlacementScheme": "n/a",
  "InstitutionName": "Euromov Digital Health in Motion, IMT Ales, Montpellier University",
  "InstitutionAddress": "700 Av. du Pic Saint-Loup, 34090 Montpellier, France",
  "InstitutionalDepartmentName": "Euromov Digital Health in Motion",
  "SoftwareVersions": "n/a",
  "DeviceSerialNumber": "n/a",
  "HardwareFilters": "n/a",
  "SubjectArtefactDescription": "n/a",
  "CogAtlasID": "n/a",
  "CogPOID": "n/a",
  "SourceType": "LED",
  "DetectorType": "SiPD",
  "RecordingDuration": 215.01999911073707
}
