{
  "TaskName": "motorimagery",
  "TaskDescription": "auditory 2-back task with non overlap numbers between 0 to 9",
  "InstitutionName": "Euromov Digital Health in Motion, IMT Ales, Montpellier University",
  "Manufacturer": "g.tec",
  "ManufacturersModelName": "g.nautilus",
  "EEGReference": "right earlobe",
  "SamplingFrequency": 250.00041013185162,
  "PowerLineFrequency": 50,
  "SoftwareFilters": "n/a",
  "EEGChannelCount": 32,
  "RecordingType": "continuous",
  "EEGGround": "AFz",
  "EOGChannelCount": 0,
  "ECGChannelCount": 0,
  "EMGChannelCount": 0,
  "MISCChannelCount": 0,
  "TriggerChannelCount": 0,
  "EEGPlacementScheme": "10-20",
  "CapManufacturer": "g.tec medical engineering GmbH",
  "CapManufacturersModelName": "g.Nautilus PRO 32-channel gel cap",
  "SoftwareVersions": "n/a",
  "DeviceSerialNumber": "n/a",
  "InstitutionAddress": "700 Av. du Pic Saint-Loup, 34090 Montpellier, France",
  "InstitutionalDepartmentName": "Euromov Digital Health in Motion",
  "Instructions": "n/a",
  "HardwareFilters": "n/a",
  "SubjectArtefactDescription": "n/a",
  "CogAtlasID": "n/a",
  "CogPOID": "n/a",
  "RecordingDuration": 215.999568
}
